PATH
  remote: .
  specs:
    mini-rails (0.1.0)

GEM
  remote: https://rubygems.org/
  specs:
    minitest (5.8.3)
    rake (10.4.2)
    sqlite3 (1.3.13)

PLATFORMS
  ruby

DEPENDENCIES
  bundler (~> 1.16)
  mini-rails!
  minitest (~> 5.0)
  rake (~> 10.0)
  sqlite3

BUNDLED WITH
   1.16.2
